GEM
  remote: https://rubygems.org/
  specs:
    addressable (2.6.0)
      public_suffix (>= 2.0.2, < 4.0)
    coderay (1.1.2)
    httparty (0.17.0)
      mime-types (~> 3.0)
      multi_xml (>= 0.5.2)
    json (2.2.0)
    json-schema (2.8.1)
      addressable (>= 2.4)
    method_source (0.9.2)
    mime-types (3.2.2)
      mime-types-data (~> 3.2015)
    mime-types-data (3.2019.0331)
    multi_xml (0.6.0)
    pry (0.12.2)
      coderay (~> 1.1.0)
      method_source (~> 0.9.0)
    public_suffix (3.1.1)
    rb-readline (0.5.5)
    require_all (2.0.0)

PLATFORMS
  ruby

DEPENDENCIES
  httparty
  json (~> 2.2)
  json-schema
  pry
  rb-readline
  require_all

BUNDLED WITH
   2.0.2
